GIT
  remote: git://github.com/elastic/logstash.git
  revision: 1adf57b4d3a01714a52e0de01d5a4918161ba180
  branch: 1.4
  specs:
    logstash (1.4.4-java)
      addressable
      awesome_print
      aws-sdk
      beefcake (= 0.3.7)
      bindata (>= 1.5.0)
      bouncy-castle-java (= 1.5.0147)
      cabin (>= 0.6.0)
      ci_reporter
      cinch
      clamp
      edn
      elasticsearch
      extlib (= 0.9.16)
      ffi
      ffi-rzmq (= 1.0.0)
      filewatch (= 0.5.1)
      flores (~> 0.0.6)
      ftw (~> 0.0.42)
      gelf (= 1.3.2)
      gelfd (= 0.2.0)
      geoip (>= 1.3.2)
      gmetric (= 0.1.3)
      i18n (>= 0.6.6)
      insist (= 1.0.0)
      jls-grok (= 0.10.12)
      jls-lumberjack (>= 0.0.22)
      jruby-httpclient
      jruby-openssl (= 0.8.7)
      json
      mail
      march_hare (~> 2.1.0)
      metriks
      mime-types
      minitest
      mocha
      msgpack-jruby
      murmurhash3
      pry
      rack
      rbnacl
      redis
      rspec
      rufus-scheduler (~> 2.0.24)
      rumbster
      shoulda
      sinatra
      snmp
      spoon
      statsd-ruby (= 1.2.0)
      stud
      twitter (= 5.11.0)
      user_agent_parser (>= 2.0.0)
      xml-simple
      xmpp4r (= 0.5)

PATH
  remote: .
  specs:
    logstash-input-mailchimp (0.1.7)
      logstash-codec-plain
      logstash-core (>= 1.4.0, < 2.0.0)
      mailchimp
      mailchimp-api
      stud

GEM
  remote: https://rubygems.org/
  specs:
    activesupport (4.1.12)
      i18n (~> 0.6, >= 0.6.9)
      json (~> 1.7, >= 1.7.7)
      minitest (~> 5.1)
      thread_safe (~> 0.1)
      tzinfo (~> 1.1)
    addressable (2.3.8)
    atomic (1.1.99-java)
    avl_tree (1.2.1)
      atomic (~> 1.1)
    awesome_print (1.6.1)
    aws-sdk (2.1.14)
      aws-sdk-resources (= 2.1.14)
    aws-sdk-core (2.1.14)
      jmespath (~> 1.0)
    aws-sdk-resources (2.1.14)
      aws-sdk-core (= 2.1.14)
    backports (3.6.6)
    beefcake (0.3.7)
    bindata (2.1.0)
    bouncy-castle-java (1.5.0147)
    buftok (0.2.0)
    builder (3.2.2)
    cabin (0.7.1)
    ci_reporter (2.0.0)
      builder (>= 2.1.2)
    cinch (2.2.6)
    clamp (0.6.5)
    coderay (1.1.0)
    diff-lcs (1.2.5)
    edn (1.1.0)
    elasticsearch (1.0.12)
      elasticsearch-api (= 1.0.12)
      elasticsearch-transport (= 1.0.12)
    elasticsearch-api (1.0.12)
      multi_json
    elasticsearch-transport (1.0.12)
      faraday
      multi_json
    equalizer (0.0.11)
    excon (0.45.4)
    extlib (0.9.16)
    faraday (0.9.1)
      multipart-post (>= 1.2, < 3)
    ffi (1.9.10-java)
    ffi-rzmq (1.0.0)
      ffi
    filesize (0.0.4)
    filewatch (0.5.1)
    flores (0.0.6)
    ftw (0.0.44)
      addressable
      backports (>= 2.6.2)
      cabin (> 0)
      http_parser.rb (~> 0.6)
    gelf (1.3.2)
      json
    gelfd (0.2.0)
    gem_publisher (1.5.0)
    gems (0.8.3)
    geoip (1.6.1)
    gmetric (0.1.3)
    hitimes (1.2.2-java)
    http (0.6.4)
      http_parser.rb (~> 0.6.0)
    http_parser.rb (0.6.0-java)
    httparty (0.13.5)
      json (~> 1.8)
      multi_xml (>= 0.5.2)
    i18n (0.6.9)
    insist (1.0.0)
    jar-dependencies (0.1.15)
    jls-grok (0.10.12)
      cabin (>= 0.6.0)
    jls-lumberjack (0.0.24)
    jmespath (1.0.2)
      multi_json (~> 1.0)
    jrjackson (0.2.9)
    jruby-httpclient (1.1.1-java)
    jruby-openssl (0.8.7)
      bouncy-castle-java (>= 1.5.0147)
    json (1.8.3-java)
    logstash-codec-plain (1.0.0)
      logstash-core (>= 1.4.0, < 2.0.0)
    logstash-core (1.5.3-java)
      cabin (~> 0.7.0)
      clamp (~> 0.6.5)
      filesize (= 0.0.4)
      gems (~> 0.8.3)
      i18n (= 0.6.9)
      jrjackson (~> 0.2.9)
      minitar (~> 0.5.4)
      pry (~> 0.10.1)
      stud (~> 0.0.19)
      thread_safe (~> 0.3.5)
      treetop (< 1.5.0)
    logstash-devutils (0.0.8-java)
      gem_publisher
      insist (= 1.0.0)
      jar-dependencies
      minitar
      rake
    mail (2.5.3)
      i18n (>= 0.4.0)
      mime-types (~> 1.16)
      treetop (~> 1.4.8)
    mailchimp (0.0.9)
      httparty
    mailchimp-api (2.0.6)
      excon (>= 0.16.0)
      json (>= 1.7.7)
    march_hare (2.1.2-java)
    memoizable (0.4.2)
      thread_safe (~> 0.3, >= 0.3.1)
    metaclass (0.0.4)
    method_source (0.8.2)
    metriks (0.9.9.7)
      atomic (~> 1.0)
      avl_tree (~> 1.2.0)
      hitimes (~> 1.1)
    mime-types (1.25.1)
    minitar (0.5.4)
    minitest (5.8.0)
    mocha (1.1.0)
      metaclass (~> 0.0.1)
    msgpack-jruby (1.4.1-java)
    multi_json (1.11.2)
    multi_xml (0.5.5)
    multipart-post (2.0.0)
    murmurhash3 (0.1.6-java)
    naught (1.0.0)
    polyglot (0.3.5)
    pry (0.10.1-java)
      coderay (~> 1.1.0)
      method_source (~> 0.8.1)
      slop (~> 3.4)
      spoon (~> 0.0)
    rack (1.6.4)
    rack-protection (1.5.3)
      rack
    rake (10.4.2)
    rbnacl (3.2.0)
      ffi
    redis (3.2.1)
    rspec (3.3.0)
      rspec-core (~> 3.3.0)
      rspec-expectations (~> 3.3.0)
      rspec-mocks (~> 3.3.0)
    rspec-core (3.3.2)
      rspec-support (~> 3.3.0)
    rspec-expectations (3.3.1)
      diff-lcs (>= 1.2.0, < 2.0)
      rspec-support (~> 3.3.0)
    rspec-mocks (3.3.2)
      diff-lcs (>= 1.2.0, < 2.0)
      rspec-support (~> 3.3.0)
    rspec-support (3.3.0)
    rufus-scheduler (2.0.24)
      tzinfo (>= 0.3.22)
    rumbster (1.1.1)
      mail (= 2.5.3)
    shoulda (3.5.0)
      shoulda-context (~> 1.0, >= 1.0.1)
      shoulda-matchers (>= 1.4.1, < 3.0)
    shoulda-context (1.2.1)
    shoulda-matchers (2.8.0)
      activesupport (>= 3.0.0)
    simple_oauth (0.2.0)
    sinatra (1.4.6)
      rack (~> 1.4)
      rack-protection (~> 1.4)
      tilt (>= 1.3, < 3)
    slop (3.6.0)
    snmp (1.2.0)
    spoon (0.0.4)
      ffi
    statsd-ruby (1.2.0)
    stud (0.0.21)
    thread_safe (0.3.5-java)
    tilt (2.0.1)
    treetop (1.4.15)
      polyglot
      polyglot (>= 0.3.1)
    twitter (5.11.0)
      addressable (~> 2.3)
      buftok (~> 0.2.0)
      equalizer (~> 0.0.9)
      faraday (~> 0.9.0)
      http (~> 0.6.0)
      http_parser.rb (~> 0.6.0)
      json (~> 1.8)
      memoizable (~> 0.4.0)
      naught (~> 1.0)
      simple_oauth (~> 0.2.0)
    tzinfo (1.2.2)
      thread_safe (~> 0.1)
    user_agent_parser (2.2.0)
    xml-simple (1.1.5)
    xmpp4r (0.5)

PLATFORMS
  java

DEPENDENCIES
  logstash!
  logstash-devutils
  logstash-input-mailchimp!
  mailchimp-api

BUNDLED WITH
   1.10.6
